GEM
  remote: http://rubygems.org/
  specs:
    erubis (2.7.0)
    rack (1.3.2)
    sinatra (1.2.6)
      rack (~> 1.1)
      tilt (< 2.0, >= 1.2.2)
    tilt (1.3.2)

PLATFORMS
  ruby

DEPENDENCIES
  erubis
  sinatra
